GIT
  remote: https://github.com/instructure/ims-lti.git
  revision: 7f176e17de742a2645196541361dcba291e1cbe9
  branch: 1.2.x
  specs:
    ims-lti (1.2.4)
      builder (>= 1.0, < 4.0)
      oauth (>= 0.4.5, < 0.6)

GEM
  remote: https://rubygems.org/
  specs:
    builder (3.2.4)
    oauth (0.5.6)
    rack (1.6.13)
    rack-protection (1.5.5)
      rack
    shotgun (0.9.2)
      rack (>= 1.0)
    sinatra (1.4.8)
      rack (~> 1.5)
      rack-protection (~> 1.4)
      tilt (>= 1.3, < 3)
    tilt (2.0.10)

PLATFORMS
  x86_64-darwin-19

DEPENDENCIES
  ims-lti!
  shotgun
  sinatra (~> 1.3)

BUNDLED WITH
   2.2.16
